GEM
  specs:
    rake (11.1.2)

PLATFORMS
  ruby

DEPENDENCIES
  rake

BUNDLED WITH
   1.12.4
